GEM
  remote: https://rubygems.org/
  specs:
    colorize (0.8.1)
    fastercsv (1.5.5)
    pearson (1.1.0)
    tty-cursor (0.6.1)
    tty-spinner (0.9.0)
      tty-cursor (~> 0.6.0)

PLATFORMS
  ruby

DEPENDENCIES
  colorize
  fastercsv (~> 1.5, >= 1.5.5)
  pearson
  tty-spinner

BUNDLED WITH
   2.0.1
